NUGET
  remote: https://www.nuget.org/api/v2
    Microsoft.AspNetCore.Authorization (1.1) - framework: >= net451, >= netstandard16
      Microsoft.Extensions.Logging.Abstractions (>= 1.1) - framework: >= net451, >= netstandard13
      Microsoft.Extensions.Options (>= 1.1) - framework: >= net451, >= netstandard13
      NETStandard.Library (>= 1.6.1) - framework: >= net451, >= netstandard13
      System.Security.Claims (>= 4.3) - framework: >= netstandard13
    Microsoft.AspNetCore.Hosting.Abstractions (1.1) - framework: >= net451, >= netstandard16
      Microsoft.AspNetCore.Hosting.Server.Abstractions (>= 1.1) - framework: >= net451, >= netstandard13
      Microsoft.AspNetCore.Http.Abstractions (>= 1.1) - framework: >= net451, >= netstandard13
      Microsoft.Extensions.Configuration.Abstractions (>= 1.1) - framework: >= net451, >= netstandard13
      Microsoft.Extensions.DependencyInjection.Abstractions (>= 1.1) - framework: >= net451, >= netstandard13
      Microsoft.Extensions.FileProviders.Abstractions (>= 1.1) - framework: >= net451, >= netstandard13
      Microsoft.Extensions.Logging.Abstractions (>= 1.1) - framework: >= net451, >= netstandard13
      NETStandard.Library (>= 1.6.1) - framework: >= net451, >= netstandard13
    Microsoft.AspNetCore.Hosting.Server.Abstractions (1.1) - framework: >= net451, >= netstandard16
      Microsoft.AspNetCore.Http.Features (>= 1.1) - framework: >= net451, >= netstandard13
      Microsoft.Extensions.Configuration.Abstractions (>= 1.1) - framework: >= net451, >= netstandard13
      NETStandard.Library (>= 1.6.1) - framework: >= net451, >= netstandard13
    Microsoft.AspNetCore.Http (1.1) - framework: >= net451, >= netstandard16
      Microsoft.AspNetCore.Http.Abstractions (>= 1.1) - framework: >= net451, >= netstandard13
      Microsoft.AspNetCore.WebUtilities (>= 1.1) - framework: >= net451, >= netstandard13
      Microsoft.Extensions.ObjectPool (>= 1.1) - framework: >= net451, >= netstandard13
      Microsoft.Extensions.Options (>= 1.1) - framework: >= net451, >= netstandard13
      Microsoft.Net.Http.Headers (>= 1.1) - framework: >= net451, >= netstandard13
      NETStandard.Library (>= 1.6.1) - framework: >= net451, >= netstandard13
      System.Buffers (>= 4.3) - framework: >= net451, >= netstandard13
    Microsoft.AspNetCore.Http.Abstractions (1.1) - framework: >= net451, >= netstandard16
      Microsoft.AspNetCore.Http.Features (>= 1.1) - framework: >= net451, >= netstandard13
      Microsoft.Extensions.Primitives (>= 1.1) - framework: >= net451, >= netstandard13
      NETStandard.Library (>= 1.6.1) - framework: >= net451, >= netstandard13
      System.Globalization.Extensions (>= 4.3) - framework: >= netstandard13
      System.Reflection.TypeExtensions (>= 4.3) - framework: >= netstandard13
      System.Text.Encodings.Web (>= 4.3) - framework: >= net451, >= netstandard13
    Microsoft.AspNetCore.Http.Extensions (1.1) - framework: >= net451, >= netstandard16
      Microsoft.AspNetCore.Http.Abstractions (>= 1.1) - framework: >= net451, >= netstandard13
      Microsoft.Extensions.FileProviders.Abstractions (>= 1.1) - framework: >= net451, >= netstandard13
      Microsoft.Net.Http.Headers (>= 1.1) - framework: >= net451, >= netstandard13
      NETStandard.Library (>= 1.6.1) - framework: >= net451, >= netstandard13
      System.Buffers (>= 4.3) - framework: >= net451, >= netstandard13
    Microsoft.AspNetCore.Http.Features (1.1) - framework: >= net451, >= netstandard16
      Microsoft.Extensions.Primitives (>= 1.1) - framework: >= net451, >= netstandard13
      NETStandard.Library (>= 1.6.1) - framework: >= net451, >= netstandard13
      System.ComponentModel (>= 4.3) - framework: >= netstandard13
      System.Net.WebSockets (>= 4.3) - framework: >= netstandard13
      System.Security.Claims (>= 4.3) - framework: >= netstandard13
      System.Security.Principal (>= 4.3) - framework: >= netstandard13
    Microsoft.AspNetCore.JsonPatch (1.1) - framework: >= net451, >= netstandard16
      Microsoft.CSharp (>= 4.3) - framework: >= netstandard13
      NETStandard.Library (>= 1.6.1) - framework: >= net451, >= netstandard13
      Newtonsoft.Json (>= 9.0.1) - framework: >= net451, >= netstandard13
      System.Reflection.TypeExtensions (>= 4.3) - framework: >= netstandard13
    Microsoft.AspNetCore.Mvc.Abstractions (1.1.1) - framework: >= net451, >= netstandard16
      Microsoft.AspNetCore.Routing.Abstractions (>= 1.1) - framework: >= net451, >= netstandard13
      Microsoft.CSharp (>= 4.3) - framework: >= netstandard13
      Microsoft.Net.Http.Headers (>= 1.1) - framework: >= net451, >= netstandard13
      NETStandard.Library (>= 1.6.1) - framework: >= net451, >= netstandard13
      System.ComponentModel.TypeConverter (>= 4.3) - framework: >= netstandard13
    Microsoft.AspNetCore.Mvc.ApiExplorer (1.1.1) - framework: >= net451, >= netstandard16
      Microsoft.AspNetCore.Mvc.Core (>= 1.1.1) - framework: >= net451, >= netstandard16
      NETStandard.Library (>= 1.6.1) - framework: >= net451, >= netstandard16
    Microsoft.AspNetCore.Mvc.Core (1.1.1) - framework: >= net451, >= netstandard16
      Microsoft.AspNetCore.Authorization (>= 1.1) - framework: >= net451, >= netstandard16
      Microsoft.AspNetCore.Hosting.Abstractions (>= 1.1) - framework: >= net451, >= netstandard16
      Microsoft.AspNetCore.Http (>= 1.1) - framework: >= net451, >= netstandard16
      Microsoft.AspNetCore.Mvc.Abstractions (>= 1.1.1) - framework: >= net451, >= netstandard16
      Microsoft.AspNetCore.ResponseCaching.Abstractions (>= 1.1) - framework: >= net451, >= netstandard16
      Microsoft.AspNetCore.Routing (>= 1.1) - framework: >= net451, >= netstandard16
      Microsoft.Extensions.DependencyModel (>= 1.1) - framework: >= net451, >= netstandard16
      Microsoft.Extensions.FileProviders.Abstractions (>= 1.1) - framework: >= net451, >= netstandard16
      Microsoft.Extensions.Logging.Abstractions (>= 1.1) - framework: >= net451, >= netstandard16
      Microsoft.Extensions.PlatformAbstractions (>= 1.1) - framework: >= net451, >= netstandard16
      NETStandard.Library (>= 1.6.1) - framework: >= net451, >= netstandard16
      System.Buffers (>= 4.3) - framework: >= net451, >= netstandard16
      System.Diagnostics.DiagnosticSource (>= 4.3) - framework: >= net451, >= netstandard16
    Microsoft.AspNetCore.Mvc.DataAnnotations (1.1.1) - framework: >= net451, >= netstandard16
      Microsoft.AspNetCore.Mvc.Core (>= 1.1.1) - framework: >= net451, >= netstandard16
      Microsoft.Extensions.Localization (>= 1.1) - framework: >= net451, >= netstandard16
      NETStandard.Library (>= 1.6.1) - framework: >= net451, >= netstandard16
      System.ComponentModel.Annotations (>= 4.3) - framework: >= netstandard16
    Microsoft.AspNetCore.Mvc.Formatters.Json (1.1.1) - framework: >= net451, >= netstandard16
      Microsoft.AspNetCore.JsonPatch (>= 1.1) - framework: >= net451, >= netstandard16
      Microsoft.AspNetCore.Mvc.Core (>= 1.1.1) - framework: >= net451, >= netstandard16
      NETStandard.Library (>= 1.6.1) - framework: >= net451, >= netstandard16
    Microsoft.AspNetCore.ResponseCaching.Abstractions (1.1) - framework: >= net451, >= netstandard16
      Microsoft.Extensions.Primitives (>= 1.1) - framework: >= net451, >= netstandard13
      NETStandard.Library (>= 1.6.1) - framework: >= netstandard13
    Microsoft.AspNetCore.Routing (1.1) - framework: >= net451, >= netstandard16
      Microsoft.AspNetCore.Http.Extensions (>= 1.1) - framework: >= net451, >= netstandard13
      Microsoft.AspNetCore.Routing.Abstractions (>= 1.1) - framework: >= net451, >= netstandard13
      Microsoft.Extensions.Logging.Abstractions (>= 1.1) - framework: >= net451, >= netstandard13
      Microsoft.Extensions.ObjectPool (>= 1.1) - framework: >= net451, >= netstandard13
      Microsoft.Extensions.Options (>= 1.1) - framework: >= net451, >= netstandard13
      NETStandard.Library (>= 1.6.1) - framework: >= net451, >= netstandard13
    Microsoft.AspNetCore.Routing.Abstractions (1.1) - framework: >= net451, >= netstandard16
      Microsoft.AspNetCore.Http.Abstractions (>= 1.1) - framework: >= net451, >= netstandard13
      NETStandard.Library (>= 1.6.1) - framework: >= net451, >= netstandard13
    Microsoft.AspNetCore.StaticFiles (1.1) - framework: >= net451, >= netstandard16
      Microsoft.AspNetCore.Hosting.Abstractions (>= 1.1) - framework: >= net451, >= netstandard13
      Microsoft.AspNetCore.Http.Extensions (>= 1.1) - framework: >= net451, >= netstandard13
      Microsoft.Extensions.FileProviders.Abstractions (>= 1.1) - framework: >= net451, >= netstandard13
      Microsoft.Extensions.Logging.Abstractions (>= 1.1) - framework: >= net451, >= netstandard13
      Microsoft.Extensions.WebEncoders (>= 1.1) - framework: >= net451, >= netstandard13
      NETStandard.Library (>= 1.6.1) - framework: >= net451, >= netstandard13
    Microsoft.AspNetCore.WebUtilities (1.1) - framework: >= net451, >= netstandard16
      Microsoft.Extensions.Primitives (>= 1.1) - framework: >= net451, >= netstandard13
      Microsoft.Net.Http.Headers (>= 1.1) - framework: >= net451, >= netstandard13
      NETStandard.Library (>= 1.6.1) - framework: >= net451, >= netstandard13
      System.Buffers (>= 4.3) - framework: >= net451, >= netstandard13
      System.Text.Encodings.Web (>= 4.3) - framework: >= net451, >= netstandard13
    Microsoft.CSharp (4.3) - framework: >= net451, >= netstandard16
      System.Collections (>= 4.3) - framework: dnxcore50, >= netstandard13
      System.Diagnostics.Debug (>= 4.3) - framework: dnxcore50, >= netstandard13
      System.Dynamic.Runtime (>= 4.3) - framework: dnxcore50, netstandard10, >= netstandard13
      System.Globalization (>= 4.3) - framework: dnxcore50, >= netstandard13
      System.Linq (>= 4.3) - framework: dnxcore50, >= netstandard13
      System.Linq.Expressions (>= 4.3) - framework: dnxcore50, netstandard10, >= netstandard13
      System.ObjectModel (>= 4.3) - framework: dnxcore50, >= netstandard13
      System.Reflection (>= 4.3) - framework: dnxcore50, >= netstandard13
      System.Reflection.Extensions (>= 4.3) - framework: dnxcore50, >= netstandard13
      System.Reflection.Primitives (>= 4.3) - framework: dnxcore50, >= netstandard13
      System.Reflection.TypeExtensions (>= 4.3) - framework: dnxcore50, >= netstandard13
      System.Resources.ResourceManager (>= 4.3) - framework: dnxcore50, >= netstandard13
      System.Runtime (>= 4.3) - framework: dnxcore50, netstandard10, >= netstandard13
      System.Runtime.Extensions (>= 4.3) - framework: dnxcore50, >= netstandard13
      System.Runtime.InteropServices (>= 4.3) - framework: dnxcore50, >= netstandard13
      System.Threading (>= 4.3) - framework: dnxcore50, >= netstandard13
    Microsoft.DotNet.PlatformAbstractions (1.1) - framework: >= net451, >= netstandard16
      System.AppContext (>= 4.1) - framework: >= netstandard13
      System.Collections (>= 4.0.11) - framework: >= netstandard13
      System.IO (>= 4.1) - framework: >= netstandard13
      System.IO.FileSystem (>= 4.0.1) - framework: >= netstandard13
      System.Reflection.TypeExtensions (>= 4.1) - framework: >= netstandard13
      System.Runtime.Extensions (>= 4.1) - framework: >= netstandard13
      System.Runtime.InteropServices (>= 4.1) - framework: >= netstandard13
      System.Runtime.InteropServices.RuntimeInformation (>= 4.0) - framework: >= netstandard13
    Microsoft.Extensions.Configuration.Abstractions (1.1) - framework: >= net451, >= netstandard16
      Microsoft.Extensions.Primitives (>= 1.1) - framework: >= netstandard10
      NETStandard.Library (>= 1.6.1) - framework: >= netstandard10
    Microsoft.Extensions.DependencyInjection.Abstractions (1.1) - framework: >= net451, >= netstandard16
      NETStandard.Library (>= 1.6.1) - framework: >= netstandard10
      System.ComponentModel (>= 4.3) - framework: >= netstandard10
    Microsoft.Extensions.DependencyModel (1.1) - framework: >= net451, >= netstandard16
      Microsoft.DotNet.PlatformAbstractions (>= 1.1) - framework: >= net451, netstandard13, >= netstandard16
      Newtonsoft.Json (>= 9.0.1) - framework: >= net451, netstandard13, >= netstandard16
      System.Diagnostics.Debug (>= 4.0.11) - framework: netstandard13, >= netstandard16
      System.Dynamic.Runtime (>= 4.0.11) - framework: netstandard13, >= netstandard16
      System.Linq (>= 4.1) - framework: netstandard13, >= netstandard16
    Microsoft.Extensions.FileProviders.Abstractions (1.1) - framework: >= net451, >= netstandard16
      Microsoft.Extensions.Primitives (>= 1.1) - framework: >= netstandard10
      NETStandard.Library (>= 1.6.1) - framework: >= netstandard10
    Microsoft.Extensions.FileProviders.Embedded (1.1) - framework: >= net451, >= netstandard16
      Microsoft.Extensions.FileProviders.Abstractions (>= 1.1) - framework: >= net451, netstandard10, >= netstandard15
      NETStandard.Library (>= 1.6.1) - framework: >= net451, netstandard10, >= netstandard15
    Microsoft.Extensions.Localization (1.1) - framework: >= net451, >= netstandard16
      Microsoft.AspNetCore.Hosting.Abstractions (>= 1.1) - framework: >= net451, >= netstandard13
      Microsoft.Extensions.DependencyInjection.Abstractions (>= 1.1) - framework: >= net451, >= netstandard13
      Microsoft.Extensions.Localization.Abstractions (>= 1.1) - framework: >= net451, >= netstandard13
      Microsoft.Extensions.Options (>= 1.1) - framework: >= net451, >= netstandard13
      NETStandard.Library (>= 1.6.1) - framework: >= net451, >= netstandard13
      System.Resources.Reader (>= 4.3) - framework: >= netstandard13
    Microsoft.Extensions.Localization.Abstractions (1.1) - framework: >= net451, >= netstandard16
      Microsoft.CSharp (>= 4.3) - framework: >= netstandard10
      NETStandard.Library (>= 1.6.1) - framework: >= netstandard10
    Microsoft.Extensions.Logging.Abstractions (1.1) - framework: >= net451, >= netstandard16
      NETStandard.Library (>= 1.6.1) - framework: >= net45, >= netstandard11
    Microsoft.Extensions.ObjectPool (1.1) - framework: >= net451, >= netstandard16
      NETStandard.Library (>= 1.6.1) - framework: >= net451, >= netstandard13
    Microsoft.Extensions.Options (1.1) - framework: >= net451, >= netstandard16
      Microsoft.Extensions.DependencyInjection.Abstractions (>= 1.1) - framework: >= netstandard10
      Microsoft.Extensions.Primitives (>= 1.1) - framework: >= netstandard10
      NETStandard.Library (>= 1.6.1) - framework: >= netstandard10
      System.ComponentModel (>= 4.3) - framework: >= netstandard10
    Microsoft.Extensions.PlatformAbstractions (1.1) - framework: >= net451, >= netstandard16
      NETStandard.Library (>= 1.6.1) - framework: >= net451, >= netstandard13
      System.Reflection.TypeExtensions (>= 4.3) - framework: >= netstandard13
    Microsoft.Extensions.Primitives (1.1) - framework: >= net451, >= netstandard16
      NETStandard.Library (>= 1.6.1) - framework: >= netstandard10
      System.Runtime.CompilerServices.Unsafe (>= 4.3) - framework: >= netstandard10
    Microsoft.Extensions.WebEncoders (1.1) - framework: >= net451, >= netstandard16
      Microsoft.Extensions.DependencyInjection.Abstractions (>= 1.1) - framework: >= netstandard10
      Microsoft.Extensions.Options (>= 1.1) - framework: >= netstandard10
      NETStandard.Library (>= 1.6.1) - framework: >= netstandard10
      System.Text.Encodings.Web (>= 4.3) - framework: >= netstandard10
    Microsoft.Net.Http.Headers (1.1) - framework: >= net451, >= netstandard16
      Microsoft.Extensions.Primitives (>= 1.1) - framework: >= net45, >= netstandard11
      NETStandard.Library (>= 1.6.1) - framework: >= net45, >= netstandard11
      System.Buffers (>= 4.3) - framework: >= net45, >= netstandard11
      System.Diagnostics.Contracts (>= 4.3) - framework: >= net45, >= netstandard11
    Microsoft.NETCore.Platforms (1.1) - framework: >= net451, >= netstandard16
    Microsoft.NETCore.Targets (1.1) - framework: >= net451, >= netstandard16
    Microsoft.Win32.Primitives (4.3) - framework: >= net451, >= netstandard16
      Microsoft.NETCore.Platforms (>= 1.1) - framework: >= netstandard13
      Microsoft.NETCore.Targets (>= 1.1) - framework: >= netstandard13
      System.Runtime (>= 4.3) - framework: >= netstandard13
    NETStandard.Library (1.6.1) - framework: >= net451, >= netstandard16
      Microsoft.NETCore.Platforms (>= 1.1) - framework: >= netstandard10
      Microsoft.Win32.Primitives (>= 4.3) - framework: >= net46, >= netstandard13
      System.AppContext (>= 4.3) - framework: >= net46, >= netstandard13
      System.Collections (>= 4.3) - framework: >= netstandard10
      System.Collections.Concurrent (>= 4.3) - framework: >= net45, >= netstandard11
      System.Console (>= 4.3) - framework: >= net46, >= netstandard13
      System.Diagnostics.Debug (>= 4.3) - framework: >= netstandard10
      System.Diagnostics.Tools (>= 4.3) - framework: >= netstandard10
      System.Diagnostics.Tracing (>= 4.3) - framework: >= net45, >= netstandard11
      System.Globalization (>= 4.3) - framework: >= netstandard10
      System.Globalization.Calendars (>= 4.3) - framework: >= net46, >= netstandard13
      System.IO (>= 4.3) - framework: >= netstandard10
      System.IO.Compression (>= 4.3) - framework: >= net45, >= netstandard11
      System.IO.Compression.ZipFile (>= 4.3) - framework: >= net46, >= netstandard13
      System.IO.FileSystem (>= 4.3) - framework: >= net46, >= netstandard13
      System.IO.FileSystem.Primitives (>= 4.3) - framework: >= net46, >= netstandard13
      System.Linq (>= 4.3) - framework: >= netstandard10
      System.Linq.Expressions (>= 4.3) - framework: >= netstandard10
      System.Net.Http (>= 4.3) - framework: >= net45, >= netstandard11
      System.Net.Primitives (>= 4.3) - framework: >= netstandard10
      System.Net.Sockets (>= 4.3) - framework: >= net46, >= netstandard13
      System.ObjectModel (>= 4.3) - framework: >= netstandard10
      System.Reflection (>= 4.3) - framework: >= netstandard10
      System.Reflection.Extensions (>= 4.3) - framework: >= netstandard10
      System.Reflection.Primitives (>= 4.3) - framework: >= netstandard10
      System.Resources.ResourceManager (>= 4.3) - framework: >= netstandard10
      System.Runtime (>= 4.3) - framework: >= netstandard10
      System.Runtime.Extensions (>= 4.3) - framework: >= netstandard10
      System.Runtime.Handles (>= 4.3) - framework: >= net46, >= netstandard13
      System.Runtime.InteropServices (>= 4.3) - framework: >= net45, >= netstandard11
      System.Runtime.InteropServices.RuntimeInformation (>= 4.3) - framework: >= net45, >= netstandard11
      System.Runtime.Numerics (>= 4.3) - framework: >= net45, >= netstandard11
      System.Security.Cryptography.Algorithms (>= 4.3) - framework: >= net46, >= netstandard13
      System.Security.Cryptography.Encoding (>= 4.3) - framework: >= net46, >= netstandard13
      System.Security.Cryptography.Primitives (>= 4.3) - framework: >= net46, >= netstandard13
      System.Security.Cryptography.X509Certificates (>= 4.3) - framework: >= net46, >= netstandard13
      System.Text.Encoding (>= 4.3) - framework: >= netstandard10
      System.Text.Encoding.Extensions (>= 4.3) - framework: >= netstandard10
      System.Text.RegularExpressions (>= 4.3) - framework: >= netstandard10
      System.Threading (>= 4.3) - framework: >= netstandard10
      System.Threading.Tasks (>= 4.3) - framework: >= netstandard10
      System.Threading.Timer (>= 4.3) - framework: >= net451, >= netstandard12
      System.Xml.ReaderWriter (>= 4.3) - framework: >= netstandard10
      System.Xml.XDocument (>= 4.3) - framework: >= netstandard10
    Newtonsoft.Json (9.0.1) - framework: >= net451, >= netstandard16
      Microsoft.CSharp (>= 4.0.1) - framework: >= netstandard10
      System.Collections (>= 4.0.11) - framework: >= netstandard10
      System.Diagnostics.Debug (>= 4.0.11) - framework: >= netstandard10
      System.Dynamic.Runtime (>= 4.0.11) - framework: >= netstandard10
      System.Globalization (>= 4.0.11) - framework: >= netstandard10
      System.IO (>= 4.1) - framework: >= netstandard10
      System.Linq (>= 4.1) - framework: >= netstandard10
      System.Linq.Expressions (>= 4.1) - framework: >= netstandard10
      System.ObjectModel (>= 4.0.12) - framework: >= netstandard10
      System.Reflection (>= 4.1) - framework: >= netstandard10
      System.Reflection.Extensions (>= 4.0.1) - framework: >= netstandard10
      System.Resources.ResourceManager (>= 4.0.1) - framework: >= netstandard10
      System.Runtime (>= 4.1) - framework: >= netstandard10
      System.Runtime.Extensions (>= 4.1) - framework: >= netstandard10
      System.Runtime.Serialization.Primitives (>= 4.1.1) - framework: >= netstandard10
      System.Text.Encoding (>= 4.0.11) - framework: >= netstandard10
      System.Text.Encoding.Extensions (>= 4.0.11) - framework: >= netstandard10
      System.Text.RegularExpressions (>= 4.1) - framework: >= netstandard10
      System.Threading (>= 4.0.11) - framework: >= netstandard10
      System.Threading.Tasks (>= 4.0.11) - framework: >= netstandard10
      System.Xml.ReaderWriter (>= 4.0.11) - framework: >= netstandard10
      System.Xml.XDocument (>= 4.0.11) - framework: >= netstandard10
    runtime.debian.8-x64.runtime.native.System.Security.Cryptography.OpenSsl (4.3) - framework: >= net451, >= netstandard16
    runtime.fedora.23-x64.runtime.native.System.Security.Cryptography.OpenSsl (4.3) - framework: >= net451, >= netstandard16
    runtime.fedora.24-x64.runtime.native.System.Security.Cryptography.OpenSsl (4.3) - framework: >= net451, >= netstandard16
    runtime.native.System (4.3) - framework: >= net451, >= netstandard16
      Microsoft.NETCore.Platforms (>= 1.1)
      Microsoft.NETCore.Targets (>= 1.1)
    runtime.native.System.IO.Compression (4.3) - framework: >= net451, >= netstandard16
      Microsoft.NETCore.Platforms (>= 1.1)
      Microsoft.NETCore.Targets (>= 1.1)
    runtime.native.System.Net.Http (4.3) - framework: >= net451, >= netstandard16
      Microsoft.NETCore.Platforms (>= 1.1)
      Microsoft.NETCore.Targets (>= 1.1)
    runtime.native.System.Security.Cryptography.Apple (4.3) - framework: >= net451, >= netstandard16
      runtime.osx.10.10-x64.runtime.native.System.Security.Cryptography.Apple (>= 4.3)
    runtime.native.System.Security.Cryptography.OpenSsl (4.3) - framework: >= net451, >= netstandard16
      runtime.debian.8-x64.runtime.native.System.Security.Cryptography.OpenSsl (>= 4.3)
      runtime.fedora.23-x64.runtime.native.System.Security.Cryptography.OpenSsl (>= 4.3)
      runtime.fedora.24-x64.runtime.native.System.Security.Cryptography.OpenSsl (>= 4.3)
      runtime.opensuse.13.2-x64.runtime.native.System.Security.Cryptography.OpenSsl (>= 4.3)
      runtime.opensuse.42.1-x64.runtime.native.System.Security.Cryptography.OpenSsl (>= 4.3)
      runtime.osx.10.10-x64.runtime.native.System.Security.Cryptography.OpenSsl (>= 4.3)
      runtime.rhel.7-x64.runtime.native.System.Security.Cryptography.OpenSsl (>= 4.3)
      runtime.ubuntu.14.04-x64.runtime.native.System.Security.Cryptography.OpenSsl (>= 4.3)
      runtime.ubuntu.16.04-x64.runtime.native.System.Security.Cryptography.OpenSsl (>= 4.3)
      runtime.ubuntu.16.10-x64.runtime.native.System.Security.Cryptography.OpenSsl (>= 4.3)
    runtime.opensuse.13.2-x64.runtime.native.System.Security.Cryptography.OpenSsl (4.3) - framework: >= net451, >= netstandard16
    runtime.opensuse.42.1-x64.runtime.native.System.Security.Cryptography.OpenSsl (4.3) - framework: >= net451, >= netstandard16
    runtime.osx.10.10-x64.runtime.native.System.Security.Cryptography.Apple (4.3) - framework: >= net451, >= netstandard16
    runtime.osx.10.10-x64.runtime.native.System.Security.Cryptography.OpenSsl (4.3) - framework: >= net451, >= netstandard16
    runtime.rhel.7-x64.runtime.native.System.Security.Cryptography.OpenSsl (4.3) - framework: >= net451, >= netstandard16
    runtime.ubuntu.14.04-x64.runtime.native.System.Security.Cryptography.OpenSsl (4.3) - framework: >= net451, >= netstandard16
    runtime.ubuntu.16.04-x64.runtime.native.System.Security.Cryptography.OpenSsl (4.3) - framework: >= net451, >= netstandard16
    runtime.ubuntu.16.10-x64.runtime.native.System.Security.Cryptography.OpenSsl (4.3) - framework: >= net451, >= netstandard16
    Swashbuckle.AspNetCore (1.0.0-rc1)
      Swashbuckle.AspNetCore.Swagger (>= 1.0.0-rc1) - framework: >= net451, >= netstandard16
      Swashbuckle.AspNetCore.SwaggerGen (>= 1.0.0-rc1) - framework: >= net451, >= netstandard16
      Swashbuckle.AspNetCore.SwaggerUi (>= 1.0.0-rc1) - framework: >= net451, >= netstandard16
    Swashbuckle.AspNetCore.Swagger (1.0.0-rc1) - framework: >= net451, >= netstandard16
      Microsoft.AspNetCore.Mvc.Core (>= 1.0) - framework: >= net451, >= netstandard16
      Microsoft.AspNetCore.Mvc.Formatters.Json (>= 1.0) - framework: >= net451, >= netstandard16
    Swashbuckle.AspNetCore.SwaggerGen (1.0.0-rc1) - framework: >= net451, >= netstandard16
      Microsoft.AspNetCore.Mvc.ApiExplorer (>= 1.0) - framework: >= net451, >= netstandard16
      Microsoft.AspNetCore.Mvc.Core (>= 1.0) - framework: >= net451, >= netstandard16
      Microsoft.AspNetCore.Mvc.DataAnnotations (>= 1.0) - framework: >= net451, >= netstandard16
      Swashbuckle.AspNetCore.Swagger (>= 1.0.0-rc1) - framework: >= net451, >= netstandard16
      System.Xml.XPath (>= 4.0.1) - framework: >= netstandard16
    Swashbuckle.AspNetCore.SwaggerUi (1.0.0-rc1) - framework: >= net451, >= netstandard16
      Microsoft.AspNetCore.Routing (>= 1.0) - framework: >= net451, >= netstandard16
      Microsoft.AspNetCore.StaticFiles (>= 1.0) - framework: >= net451, >= netstandard16
      Microsoft.Extensions.FileProviders.Embedded (>= 1.0) - framework: >= net451, >= netstandard16
      Newtonsoft.Json (>= 9.0.1) - framework: >= net451, >= netstandard16
      System.Xml.XPath (>= 4.0.1) - framework: >= netstandard16
    System.AppContext (4.3) - framework: >= net451, >= netstandard16
      System.Runtime (>= 4.3) - framework: dnxcore50, netstandard13, >= netstandard16
    System.Buffers (4.3) - framework: >= net451, >= netstandard16
      System.Diagnostics.Debug (>= 4.3) - framework: >= netstandard11
      System.Diagnostics.Tracing (>= 4.3) - framework: >= netstandard11
      System.Resources.ResourceManager (>= 4.3) - framework: >= netstandard11
      System.Runtime (>= 4.3) - framework: >= netstandard11
      System.Threading (>= 4.3) - framework: >= netstandard11
    System.Collections (4.3) - framework: >= net451, >= netstandard16
      Microsoft.NETCore.Platforms (>= 1.1) - framework: dnxcore50, netstandard10, >= netstandard13
      Microsoft.NETCore.Targets (>= 1.1) - framework: dnxcore50, netstandard10, >= netstandard13
      System.Runtime (>= 4.3) - framework: dnxcore50, netstandard10, >= netstandard13
    System.Collections.Concurrent (4.3) - framework: >= net451, >= netstandard16
      System.Collections (>= 4.3) - framework: dnxcore50, >= netstandard13
      System.Diagnostics.Debug (>= 4.3) - framework: dnxcore50, >= netstandard13
      System.Diagnostics.Tracing (>= 4.3) - framework: dnxcore50, >= netstandard13
      System.Globalization (>= 4.3) - framework: dnxcore50, >= netstandard13
      System.Reflection (>= 4.3) - framework: >= netstandard13
      System.Resources.ResourceManager (>= 4.3) - framework: dnxcore50, >= netstandard13
      System.Runtime (>= 4.3) - framework: dnxcore50, netstandard11, >= netstandard13
      System.Runtime.Extensions (>= 4.3) - framework: dnxcore50, >= netstandard13
      System.Threading (>= 4.3) - framework: dnxcore50, >= netstandard13
      System.Threading.Tasks (>= 4.3) - framework: dnxcore50, netstandard11, >= netstandard13
    System.Collections.NonGeneric (4.3) - framework: >= net451, >= netstandard16
      System.Diagnostics.Debug (>= 4.3) - framework: >= netstandard13
      System.Globalization (>= 4.3) - framework: >= netstandard13
      System.Resources.ResourceManager (>= 4.3) - framework: >= netstandard13
      System.Runtime (>= 4.3) - framework: >= netstandard13
      System.Runtime.Extensions (>= 4.3) - framework: >= netstandard13
      System.Threading (>= 4.3) - framework: >= netstandard13
    System.Collections.Specialized (4.3) - framework: >= net451, >= netstandard16
      System.Collections.NonGeneric (>= 4.3) - framework: >= netstandard13
      System.Globalization (>= 4.3) - framework: >= netstandard13
      System.Globalization.Extensions (>= 4.3) - framework: >= netstandard13
      System.Resources.ResourceManager (>= 4.3) - framework: >= netstandard13
      System.Runtime (>= 4.3) - framework: >= netstandard13
      System.Runtime.Extensions (>= 4.3) - framework: >= netstandard13
      System.Threading (>= 4.3) - framework: >= netstandard13
    System.ComponentModel (4.3) - framework: >= net451, >= netstandard16
      System.Runtime (>= 4.3) - framework: dnxcore50, netstandard10, >= netstandard13
    System.ComponentModel.Annotations (4.3) - framework: >= net451, >= netstandard16
      System.Collections (>= 4.3) - framework: dnxcore50, >= netstandard14
      System.ComponentModel (>= 4.3) - framework: dnxcore50, >= netstandard13
      System.Globalization (>= 4.3) - framework: dnxcore50, >= netstandard14
      System.Linq (>= 4.3) - framework: dnxcore50, >= netstandard14
      System.Reflection (>= 4.3) - framework: dnxcore50, >= netstandard14
      System.Reflection.Extensions (>= 4.3) - framework: dnxcore50, >= netstandard14
      System.Resources.ResourceManager (>= 4.3) - framework: dnxcore50, >= netstandard14
      System.Runtime (>= 4.3) - framework: dnxcore50, netstandard11, >= netstandard13
      System.Runtime.Extensions (>= 4.3) - framework: dnxcore50, >= netstandard14
      System.Text.RegularExpressions (>= 4.3) - framework: dnxcore50, >= netstandard14
      System.Threading (>= 4.3) - framework: dnxcore50, >= netstandard14
    System.ComponentModel.Primitives (4.3) - framework: >= net462, >= netstandard16
      System.ComponentModel (>= 4.3) - framework: >= netstandard10
      System.Resources.ResourceManager (>= 4.3) - framework: >= netstandard10
      System.Runtime (>= 4.3) - framework: >= netstandard10
    System.ComponentModel.TypeConverter (4.3) - framework: >= net451, >= netstandard16
      System.Collections (>= 4.3) - framework: netstandard10, >= netstandard15
      System.Collections.NonGeneric (>= 4.3) - framework: >= net462, >= netstandard15
      System.Collections.Specialized (>= 4.3) - framework: >= netstandard15
      System.ComponentModel (>= 4.3) - framework: netstandard10, >= netstandard15
      System.ComponentModel.Primitives (>= 4.3) - framework: net45, >= net462, netstandard10, >= netstandard15, winv4.5, wpv8.0, wpav8.1
      System.Globalization (>= 4.3) - framework: netstandard10, >= netstandard15
      System.Linq (>= 4.3) - framework: >= netstandard15
      System.Reflection (>= 4.3) - framework: netstandard10, >= netstandard15
      System.Reflection.Extensions (>= 4.3) - framework: netstandard10, >= netstandard15
      System.Reflection.Primitives (>= 4.3) - framework: netstandard10, >= netstandard15
      System.Reflection.TypeExtensions (>= 4.3) - framework: >= netstandard15
      System.Resources.ResourceManager (>= 4.3) - framework: netstandard10, >= netstandard15
      System.Runtime (>= 4.3) - framework: netstandard10, >= netstandard15
      System.Runtime.Extensions (>= 4.3) - framework: netstandard10, >= netstandard15
      System.Threading (>= 4.3) - framework: netstandard10, >= netstandard15
    System.Console (4.3) - framework: >= net46, >= netstandard16
      Microsoft.NETCore.Platforms (>= 1.1) - framework: >= netstandard13
      Microsoft.NETCore.Targets (>= 1.1) - framework: >= netstandard13
      System.IO (>= 4.3) - framework: >= netstandard13
      System.Runtime (>= 4.3) - framework: >= netstandard13
      System.Text.Encoding (>= 4.3) - framework: >= netstandard13
    System.Diagnostics.Contracts (4.3) - framework: >= net451, >= netstandard16
      System.Runtime (>= 4.3) - framework: dnxcore50, >= netstandard10
    System.Diagnostics.Debug (4.3) - framework: >= net451, >= netstandard16
      Microsoft.NETCore.Platforms (>= 1.1) - framework: dnxcore50, netstandard10, >= netstandard13
      Microsoft.NETCore.Targets (>= 1.1) - framework: dnxcore50, netstandard10, >= netstandard13
      System.Runtime (>= 4.3) - framework: dnxcore50, netstandard10, >= netstandard13
    System.Diagnostics.DiagnosticSource (4.3) - framework: >= net451, >= netstandard16
      System.Collections (>= 4.3) - framework: netstandard11, >= netstandard13
      System.Diagnostics.Tracing (>= 4.3) - framework: netstandard11, >= netstandard13
      System.Reflection (>= 4.3) - framework: netstandard11, >= netstandard13
      System.Runtime (>= 4.3) - framework: netstandard11, >= netstandard13
      System.Threading (>= 4.3) - framework: netstandard11, >= netstandard13
    System.Diagnostics.Tools (4.3) - framework: >= net451, >= netstandard16
      Microsoft.NETCore.Platforms (>= 1.1) - framework: dnxcore50, >= netstandard10
      Microsoft.NETCore.Targets (>= 1.1) - framework: dnxcore50, >= netstandard10
      System.Runtime (>= 4.3) - framework: dnxcore50, >= netstandard10
    System.Diagnostics.Tracing (4.3) - framework: >= net451, >= netstandard16
      Microsoft.NETCore.Platforms (>= 1.1) - framework: dnxcore50, netstandard11, netstandard12, netstandard13, >= netstandard15
      Microsoft.NETCore.Targets (>= 1.1) - framework: dnxcore50, netstandard11, netstandard12, netstandard13, >= netstandard15
      System.Runtime (>= 4.3) - framework: dnxcore50, netstandard11, netstandard12, netstandard13, >= netstandard15
    System.Dynamic.Runtime (4.3) - framework: >= net451, >= netstandard16
      System.Collections (>= 4.3) - framework: dnxcore50, >= netstandard13
      System.Diagnostics.Debug (>= 4.3) - framework: dnxcore50, >= netstandard13
      System.Linq (>= 4.3) - framework: dnxcore50, >= netstandard13
      System.Linq.Expressions (>= 4.3) - framework: dnxcore50, netstandard10, >= netstandard13
      System.ObjectModel (>= 4.3) - framework: dnxcore50, netstandard10, >= netstandard13
      System.Reflection (>= 4.3) - framework: dnxcore50, netstandard10, >= netstandard13
      System.Reflection.Emit (>= 4.3) - framework: >= netstandard13
      System.Reflection.Emit.ILGeneration (>= 4.3) - framework: >= netstandard13
      System.Reflection.Primitives (>= 4.3) - framework: >= netstandard13
      System.Reflection.TypeExtensions (>= 4.3) - framework: dnxcore50, >= netstandard13
      System.Resources.ResourceManager (>= 4.3) - framework: dnxcore50, >= netstandard13
      System.Runtime (>= 4.3) - framework: dnxcore50, netstandard10, >= netstandard13
      System.Runtime.Extensions (>= 4.3) - framework: dnxcore50, >= netstandard13
      System.Threading (>= 4.3) - framework: dnxcore50, >= netstandard13
    System.Globalization (4.3) - framework: >= net451, >= netstandard16
      Microsoft.NETCore.Platforms (>= 1.1) - framework: dnxcore50, netstandard10, >= netstandard13
      Microsoft.NETCore.Targets (>= 1.1) - framework: dnxcore50, netstandard10, >= netstandard13
      System.Runtime (>= 4.3) - framework: dnxcore50, netstandard10, >= netstandard13
    System.Globalization.Calendars (4.3) - framework: >= net46, >= netstandard16
      Microsoft.NETCore.Platforms (>= 1.1) - framework: >= netstandard13
      Microsoft.NETCore.Targets (>= 1.1) - framework: >= netstandard13
      System.Globalization (>= 4.3) - framework: >= netstandard13
      System.Runtime (>= 4.3) - framework: >= netstandard13
    System.Globalization.Extensions (4.3) - framework: >= net451, >= netstandard16
      Microsoft.NETCore.Platforms (>= 1.1) - framework: >= netstandard13
      System.Globalization (>= 4.3) - framework: >= netstandard13
      System.Resources.ResourceManager (>= 4.3) - framework: >= netstandard13
      System.Runtime (>= 4.3) - framework: >= netstandard13
      System.Runtime.Extensions (>= 4.3) - framework: >= netstandard13
      System.Runtime.InteropServices (>= 4.3) - framework: >= netstandard13
    System.IO (4.3) - framework: >= net451, >= netstandard16
      Microsoft.NETCore.Platforms (>= 1.1) - framework: dnxcore50, netstandard10, netstandard13, >= netstandard15
      Microsoft.NETCore.Targets (>= 1.1) - framework: dnxcore50, netstandard10, netstandard13, >= netstandard15
      System.Runtime (>= 4.3) - framework: dnxcore50, netstandard10, netstandard13, >= netstandard15
      System.Text.Encoding (>= 4.3) - framework: dnxcore50, netstandard10, netstandard13, >= netstandard15
      System.Threading.Tasks (>= 4.3) - framework: dnxcore50, netstandard10, netstandard13, >= netstandard15
    System.IO.Compression (4.3) - framework: >= net451, >= netstandard16
      Microsoft.NETCore.Platforms (>= 1.1) - framework: >= netstandard13
      runtime.native.System (>= 4.3) - framework: >= netstandard13
      runtime.native.System.IO.Compression (>= 4.3) - framework: dnxcore50, >= netstandard13
      System.Buffers (>= 4.3) - framework: dnxcore50, >= netstandard13
      System.Collections (>= 4.3) - framework: dnxcore50, >= netstandard13
      System.Diagnostics.Debug (>= 4.3) - framework: dnxcore50, >= netstandard13
      System.IO (>= 4.3) - framework: dnxcore50, netstandard11, >= netstandard13
      System.Resources.ResourceManager (>= 4.3) - framework: dnxcore50, >= netstandard13
      System.Runtime (>= 4.3) - framework: dnxcore50, netstandard11, >= netstandard13
      System.Runtime.Extensions (>= 4.3) - framework: dnxcore50, >= netstandard13
      System.Runtime.Handles (>= 4.3) - framework: dnxcore50, >= netstandard13
      System.Runtime.InteropServices (>= 4.3) - framework: dnxcore50, >= netstandard13
      System.Text.Encoding (>= 4.3) - framework: dnxcore50, netstandard11, >= netstandard13
      System.Threading (>= 4.3) - framework: dnxcore50, >= netstandard13
      System.Threading.Tasks (>= 4.3) - framework: dnxcore50, >= netstandard13
    System.IO.Compression.ZipFile (4.3) - framework: >= net46, >= netstandard16
      System.Buffers (>= 4.3) - framework: >= netstandard13
      System.IO (>= 4.3) - framework: >= netstandard13
      System.IO.Compression (>= 4.3) - framework: >= netstandard13
      System.IO.FileSystem (>= 4.3) - framework: >= netstandard13
      System.IO.FileSystem.Primitives (>= 4.3) - framework: >= netstandard13
      System.Resources.ResourceManager (>= 4.3) - framework: >= netstandard13
      System.Runtime (>= 4.3) - framework: >= netstandard13
      System.Runtime.Extensions (>= 4.3) - framework: >= netstandard13
      System.Text.Encoding (>= 4.3) - framework: >= netstandard13
    System.IO.FileSystem (4.3) - framework: >= net451, >= netstandard16
      Microsoft.NETCore.Platforms (>= 1.1) - framework: >= netstandard13
      Microsoft.NETCore.Targets (>= 1.1) - framework: >= netstandard13
      System.IO (>= 4.3) - framework: >= netstandard13
      System.IO.FileSystem.Primitives (>= 4.3) - framework: >= net46, >= netstandard13
      System.Runtime (>= 4.3) - framework: >= netstandard13
      System.Runtime.Handles (>= 4.3) - framework: >= netstandard13
      System.Text.Encoding (>= 4.3) - framework: >= netstandard13
      System.Threading.Tasks (>= 4.3) - framework: >= netstandard13
    System.IO.FileSystem.Primitives (4.3) - framework: >= net451, >= netstandard16
      System.Runtime (>= 4.3) - framework: >= netstandard13
    System.Linq (4.3) - framework: >= net451, >= netstandard16
      System.Collections (>= 4.3) - framework: dnxcore50, netstandard10, >= netstandard16
      System.Diagnostics.Debug (>= 4.3) - framework: dnxcore50, >= netstandard16
      System.Resources.ResourceManager (>= 4.3) - framework: dnxcore50, >= netstandard16
      System.Runtime (>= 4.3) - framework: dnxcore50, netstandard10, >= netstandard16
      System.Runtime.Extensions (>= 4.3) - framework: dnxcore50, >= netstandard16
    System.Linq.Expressions (4.3) - framework: >= net451, >= netstandard16
      System.Collections (>= 4.3) - framework: dnxcore50, >= netstandard16
      System.Diagnostics.Debug (>= 4.3) - framework: dnxcore50, >= netstandard16
      System.Globalization (>= 4.3) - framework: dnxcore50, >= netstandard16
      System.IO (>= 4.3) - framework: dnxcore50, >= netstandard16
      System.Linq (>= 4.3) - framework: dnxcore50, >= netstandard16
      System.ObjectModel (>= 4.3) - framework: >= netstandard16
      System.Reflection (>= 4.3) - framework: dnxcore50, netstandard10, netstandard13, >= netstandard16
      System.Reflection.Emit (>= 4.3) - framework: >= netstandard16
      System.Reflection.Emit.ILGeneration (>= 4.3) - framework: dnxcore50, >= netstandard16
      System.Reflection.Emit.Lightweight (>= 4.3) - framework: dnxcore50, >= netstandard16
      System.Reflection.Extensions (>= 4.3) - framework: dnxcore50, >= netstandard16
      System.Reflection.Primitives (>= 4.3) - framework: dnxcore50, >= netstandard16
      System.Reflection.TypeExtensions (>= 4.3) - framework: dnxcore50, >= netstandard16
      System.Resources.ResourceManager (>= 4.3) - framework: dnxcore50, >= netstandard16
      System.Runtime (>= 4.3) - framework: dnxcore50, netstandard10, netstandard13, >= netstandard16
      System.Runtime.Extensions (>= 4.3) - framework: dnxcore50, >= netstandard16
      System.Threading (>= 4.3) - framework: dnxcore50, >= netstandard16
    System.Net.Http (4.3) - framework: >= net451, >= netstandard16
      Microsoft.NETCore.Platforms (>= 1.1) - framework: dnxcore50, netstandard13, >= netstandard16
      runtime.native.System (>= 4.3) - framework: >= netstandard16
      runtime.native.System.Net.Http (>= 4.3) - framework: >= netstandard16
      runtime.native.System.Security.Cryptography.OpenSsl (>= 4.3) - framework: >= netstandard16
      System.Collections (>= 4.3) - framework: dnxcore50, netstandard13, >= netstandard16
      System.Diagnostics.Debug (>= 4.3) - framework: dnxcore50, netstandard13, >= netstandard16
      System.Diagnostics.DiagnosticSource (>= 4.3) - framework: >= net46, dnxcore50, netstandard13, >= netstandard16
      System.Diagnostics.Tracing (>= 4.3) - framework: dnxcore50, netstandard13, >= netstandard16
      System.Globalization (>= 4.3) - framework: dnxcore50, netstandard13, >= netstandard16
      System.Globalization.Extensions (>= 4.3) - framework: >= netstandard16
      System.IO (>= 4.3) - framework: dnxcore50, netstandard11, netstandard13, >= netstandard16
      System.IO.FileSystem (>= 4.3) - framework: >= netstandard16
      System.Net.Primitives (>= 4.3) - framework: dnxcore50, netstandard11, netstandard13, >= netstandard16
      System.Resources.ResourceManager (>= 4.3) - framework: dnxcore50, netstandard13, >= netstandard16
      System.Runtime (>= 4.3) - framework: dnxcore50, netstandard11, netstandard13, >= netstandard16
      System.Runtime.Extensions (>= 4.3) - framework: dnxcore50, netstandard13, >= netstandard16
      System.Runtime.Handles (>= 4.3) - framework: netstandard13, >= netstandard16
      System.Runtime.InteropServices (>= 4.3) - framework: dnxcore50, netstandard13, >= netstandard16
      System.Security.Cryptography.Algorithms (>= 4.3) - framework: >= netstandard16
      System.Security.Cryptography.Encoding (>= 4.3) - framework: >= netstandard16
      System.Security.Cryptography.OpenSsl (>= 4.3) - framework: >= netstandard16
      System.Security.Cryptography.Primitives (>= 4.3) - framework: >= netstandard16
      System.Security.Cryptography.X509Certificates (>= 4.3) - framework: >= net46, dnxcore50, netstandard13, >= netstandard16
      System.Text.Encoding (>= 4.3) - framework: dnxcore50, netstandard11, netstandard13, >= netstandard16
      System.Threading (>= 4.3) - framework: dnxcore50, netstandard13, >= netstandard16
      System.Threading.Tasks (>= 4.3) - framework: dnxcore50, netstandard11, netstandard13, >= netstandard16
    System.Net.Primitives (4.3) - framework: >= net451, >= netstandard16
      Microsoft.NETCore.Platforms (>= 1.1) - framework: dnxcore50, netstandard10, netstandard11, >= netstandard13
      Microsoft.NETCore.Targets (>= 1.1) - framework: dnxcore50, netstandard10, netstandard11, >= netstandard13
      System.Runtime (>= 4.3) - framework: dnxcore50, netstandard10, netstandard11, >= netstandard13
      System.Runtime.Handles (>= 4.3) - framework: dnxcore50, >= netstandard13
    System.Net.Sockets (4.3) - framework: >= net46, >= netstandard16
      Microsoft.NETCore.Platforms (>= 1.1) - framework: >= netstandard13
      Microsoft.NETCore.Targets (>= 1.1) - framework: >= netstandard13
      System.IO (>= 4.3) - framework: >= netstandard13
      System.Net.Primitives (>= 4.3) - framework: >= netstandard13
      System.Runtime (>= 4.3) - framework: >= netstandard13
      System.Threading.Tasks (>= 4.3) - framework: >= netstandard13
    System.Net.WebSockets (4.3) - framework: >= net451, >= netstandard16
      Microsoft.Win32.Primitives (>= 4.3) - framework: >= netstandard13
      System.Resources.ResourceManager (>= 4.3) - framework: >= netstandard13
      System.Runtime (>= 4.3) - framework: >= netstandard13
      System.Threading.Tasks (>= 4.3) - framework: >= netstandard13
    System.ObjectModel (4.3) - framework: >= net451, >= netstandard16
      System.Collections (>= 4.3) - framework: dnxcore50, >= netstandard13
      System.Diagnostics.Debug (>= 4.3) - framework: dnxcore50, >= netstandard13
      System.Resources.ResourceManager (>= 4.3) - framework: dnxcore50, >= netstandard13
      System.Runtime (>= 4.3) - framework: dnxcore50, netstandard10, >= netstandard13
      System.Threading (>= 4.3) - framework: dnxcore50, >= netstandard13
    System.Reflection (4.3) - framework: >= net451, >= netstandard16
      Microsoft.NETCore.Platforms (>= 1.1) - framework: dnxcore50, netstandard10, netstandard13, >= netstandard15
      Microsoft.NETCore.Targets (>= 1.1) - framework: dnxcore50, netstandard10, netstandard13, >= netstandard15
      System.IO (>= 4.3) - framework: dnxcore50, netstandard10, netstandard13, >= netstandard15
      System.Reflection.Primitives (>= 4.3) - framework: dnxcore50, netstandard10, netstandard13, >= netstandard15
      System.Runtime (>= 4.3) - framework: dnxcore50, netstandard10, netstandard13, >= netstandard15
    System.Reflection.Emit (4.3) - framework: >= net451, >= netstandard16
      System.IO (>= 4.3) - framework: >= netstandard11
      System.Reflection (>= 4.3) - framework: >= netstandard11
      System.Reflection.Emit.ILGeneration (>= 4.3) - framework: >= netstandard11
      System.Reflection.Primitives (>= 4.3) - framework: >= netstandard11
      System.Runtime (>= 4.3) - framework: >= netstandard11
    System.Reflection.Emit.ILGeneration (4.3) - framework: >= net451, >= netstandard16
      System.Reflection (>= 4.3) - framework: >= netstandard10
      System.Reflection.Primitives (>= 4.3) - framework: >= netstandard10
      System.Runtime (>= 4.3) - framework: >= netstandard10
    System.Reflection.Emit.Lightweight (4.3) - framework: >= net451, >= netstandard16
      System.Reflection (>= 4.3) - framework: >= netstandard10
      System.Reflection.Emit.ILGeneration (>= 4.3) - framework: >= netstandard10
      System.Reflection.Primitives (>= 4.3) - framework: >= netstandard10
      System.Runtime (>= 4.3) - framework: >= netstandard10
    System.Reflection.Extensions (4.3) - framework: >= net451, >= netstandard16
      Microsoft.NETCore.Platforms (>= 1.1) - framework: dnxcore50, >= netstandard10
      Microsoft.NETCore.Targets (>= 1.1) - framework: dnxcore50, >= netstandard10
      System.Reflection (>= 4.3) - framework: dnxcore50, >= netstandard10
      System.Runtime (>= 4.3) - framework: dnxcore50, >= netstandard10
    System.Reflection.Primitives (4.3) - framework: >= net451, >= netstandard16
      Microsoft.NETCore.Platforms (>= 1.1) - framework: dnxcore50, >= netstandard10
      Microsoft.NETCore.Targets (>= 1.1) - framework: dnxcore50, >= netstandard10
      System.Runtime (>= 4.3) - framework: dnxcore50, >= netstandard10
    System.Reflection.TypeExtensions (4.3) - framework: >= net451, >= netstandard16
      System.Reflection (>= 4.3) - framework: >= net462, dnxcore50, netstandard13, >= netstandard15
      System.Runtime (>= 4.3) - framework: dnxcore50, netstandard13, >= netstandard15
    System.Resources.Reader (4.3) - framework: >= net451, >= netstandard16
      System.IO (>= 4.3) - framework: >= netstandard10
      System.Resources.ResourceManager (>= 4.3) - framework: >= netstandard10
      System.Runtime (>= 4.3) - framework: >= netstandard10
      System.Text.Encoding (>= 4.3) - framework: >= netstandard10
      System.Threading (>= 4.3) - framework: >= netstandard10
    System.Resources.ResourceManager (4.3) - framework: >= net451, >= netstandard16
      Microsoft.NETCore.Platforms (>= 1.1) - framework: dnxcore50, >= netstandard10
      Microsoft.NETCore.Targets (>= 1.1) - framework: dnxcore50, >= netstandard10
      System.Globalization (>= 4.3) - framework: dnxcore50, >= netstandard10
      System.Reflection (>= 4.3) - framework: dnxcore50, >= netstandard10
      System.Runtime (>= 4.3) - framework: dnxcore50, >= netstandard10
    System.Runtime (4.3) - framework: >= net451, >= netstandard16
      Microsoft.NETCore.Platforms (>= 1.1) - framework: dnxcore50, netstandard10, netstandard12, netstandard13, >= netstandard15
      Microsoft.NETCore.Targets (>= 1.1) - framework: dnxcore50, netstandard10, netstandard12, netstandard13, >= netstandard15
    System.Runtime.CompilerServices.Unsafe (4.3) - framework: >= net451, >= netstandard16
      System.Runtime (>= 4.3) - framework: >= netstandard10
    System.Runtime.Extensions (4.3) - framework: >= net451, >= netstandard16
      Microsoft.NETCore.Platforms (>= 1.1) - framework: dnxcore50, netstandard10, netstandard13, >= netstandard15
      Microsoft.NETCore.Targets (>= 1.1) - framework: dnxcore50, netstandard10, netstandard13, >= netstandard15
      System.Runtime (>= 4.3) - framework: dnxcore50, netstandard10, netstandard13, >= netstandard15
    System.Runtime.Handles (4.3) - framework: >= net451, >= netstandard16
      Microsoft.NETCore.Platforms (>= 1.1) - framework: >= netstandard13
      Microsoft.NETCore.Targets (>= 1.1) - framework: >= netstandard13
      System.Runtime (>= 4.3) - framework: >= netstandard13
    System.Runtime.InteropServices (4.3) - framework: >= net451, >= netstandard16
      Microsoft.NETCore.Platforms (>= 1.1) - framework: dnxcore50, netstandard11, netstandard12, netstandard13, >= netstandard15
      Microsoft.NETCore.Targets (>= 1.1) - framework: dnxcore50, netstandard11, netstandard12, netstandard13, >= netstandard15
      System.Reflection (>= 4.3) - framework: dnxcore50, netstandard11, netstandard12, netstandard13, >= netstandard15
      System.Reflection.Primitives (>= 4.3) - framework: dnxcore50, netstandard11, netstandard12, netstandard13, >= netstandard15
      System.Runtime (>= 4.3) - framework: net462, >= net463, dnxcore50, netstandard11, netstandard12, netstandard13, >= netstandard15
      System.Runtime.Handles (>= 4.3) - framework: dnxcore50, netstandard13, >= netstandard15
    System.Runtime.InteropServices.RuntimeInformation (4.3) - framework: >= net451, >= netstandard16
      runtime.native.System (>= 4.3) - framework: >= netstandard11
      System.Reflection (>= 4.3) - framework: dnxcore50, >= netstandard11
      System.Reflection.Extensions (>= 4.3) - framework: dnxcore50, >= netstandard11
      System.Resources.ResourceManager (>= 4.3) - framework: dnxcore50, >= netstandard11
      System.Runtime (>= 4.3) - framework: dnxcore50, >= netstandard11
      System.Runtime.InteropServices (>= 4.3) - framework: >= netstandard11
      System.Threading (>= 4.3) - framework: dnxcore50, >= netstandard11
    System.Runtime.Numerics (4.3) - framework: >= net451, >= netstandard16
      System.Globalization (>= 4.3) - framework: dnxcore50, >= netstandard13
      System.Resources.ResourceManager (>= 4.3) - framework: dnxcore50, >= netstandard13
      System.Runtime (>= 4.3) - framework: dnxcore50, netstandard11, >= netstandard13
      System.Runtime.Extensions (>= 4.3) - framework: dnxcore50, >= netstandard13
    System.Runtime.Serialization.Primitives (4.3) - framework: >= net451, >= netstandard16
      System.Resources.ResourceManager (>= 4.3) - framework: dnxcore50, >= netstandard13
      System.Runtime (>= 4.3) - framework: dnxcore50, netstandard10, >= netstandard13
    System.Security.Claims (4.3) - framework: >= net451, >= netstandard16
      System.Collections (>= 4.3) - framework: >= netstandard13
      System.Globalization (>= 4.3) - framework: >= netstandard13
      System.IO (>= 4.3) - framework: >= netstandard13
      System.Resources.ResourceManager (>= 4.3) - framework: >= netstandard13
      System.Runtime (>= 4.3) - framework: >= netstandard13
      System.Runtime.Extensions (>= 4.3) - framework: >= netstandard13
      System.Security.Principal (>= 4.3) - framework: >= netstandard13
    System.Security.Cryptography.Algorithms (4.3) - framework: >= net451, >= netstandard16
      Microsoft.NETCore.Platforms (>= 1.1) - framework: dnxcore50, >= netstandard16
      runtime.native.System.Security.Cryptography.Apple (>= 4.3) - framework: >= netstandard16
      runtime.native.System.Security.Cryptography.OpenSsl (>= 4.3) - framework: >= netstandard16
      System.Collections (>= 4.3) - framework: >= netstandard16
      System.IO (>= 4.3) - framework: >= net463, dnxcore50, netstandard13, netstandard14, >= netstandard16
      System.Resources.ResourceManager (>= 4.3) - framework: dnxcore50, >= netstandard16
      System.Runtime (>= 4.3) - framework: >= net463, dnxcore50, netstandard13, netstandard14, >= netstandard16
      System.Runtime.Extensions (>= 4.3) - framework: dnxcore50, >= netstandard16
      System.Runtime.Handles (>= 4.3) - framework: dnxcore50, >= netstandard16
      System.Runtime.InteropServices (>= 4.3) - framework: dnxcore50, >= netstandard16
      System.Runtime.Numerics (>= 4.3) - framework: >= netstandard16
      System.Security.Cryptography.Encoding (>= 4.3) - framework: >= net463, dnxcore50, >= netstandard16
      System.Security.Cryptography.Primitives (>= 4.3) - framework: net46, net461, >= net463, dnxcore50, netstandard13, netstandard14, >= netstandard16
      System.Text.Encoding (>= 4.3) - framework: dnxcore50, >= netstandard16
    System.Security.Cryptography.Cng (4.3) - framework: >= net46, >= netstandard16
      Microsoft.NETCore.Platforms (>= 1.1) - framework: netstandard14, >= netstandard16
      System.IO (>= 4.3) - framework: netstandard13, netstandard14, >= netstandard16
      System.Resources.ResourceManager (>= 4.3) - framework: netstandard14, >= netstandard16
      System.Runtime (>= 4.3) - framework: netstandard13, netstandard14, >= netstandard16
      System.Runtime.Extensions (>= 4.3) - framework: netstandard14, >= netstandard16
      System.Runtime.Handles (>= 4.3) - framework: netstandard13, netstandard14, >= netstandard16
      System.Runtime.InteropServices (>= 4.3) - framework: netstandard14, >= netstandard16
      System.Security.Cryptography.Algorithms (>= 4.3) - framework: net46, net461, >= net463, netstandard13, netstandard14, >= netstandard16
      System.Security.Cryptography.Encoding (>= 4.3) - framework: netstandard14, >= netstandard16
      System.Security.Cryptography.Primitives (>= 4.3) - framework: net46, net461, >= net463, netstandard13, netstandard14, >= netstandard16
      System.Text.Encoding (>= 4.3) - framework: netstandard14, >= netstandard16
    System.Security.Cryptography.Csp (4.3) - framework: >= net46, >= netstandard16
      Microsoft.NETCore.Platforms (>= 1.1) - framework: >= netstandard13
      System.IO (>= 4.3) - framework: >= netstandard13
      System.Reflection (>= 4.3) - framework: >= netstandard13
      System.Resources.ResourceManager (>= 4.3) - framework: >= netstandard13
      System.Runtime (>= 4.3) - framework: >= netstandard13
      System.Runtime.Extensions (>= 4.3) - framework: >= netstandard13
      System.Runtime.Handles (>= 4.3) - framework: >= netstandard13
      System.Runtime.InteropServices (>= 4.3) - framework: >= netstandard13
      System.Security.Cryptography.Algorithms (>= 4.3) - framework: >= net46, >= netstandard13
      System.Security.Cryptography.Encoding (>= 4.3) - framework: >= netstandard13
      System.Security.Cryptography.Primitives (>= 4.3) - framework: >= net46, >= netstandard13
      System.Text.Encoding (>= 4.3) - framework: >= netstandard13
      System.Threading (>= 4.3) - framework: >= netstandard13
    System.Security.Cryptography.Encoding (4.3) - framework: >= net451, >= netstandard16
      Microsoft.NETCore.Platforms (>= 1.1) - framework: >= netstandard13
      runtime.native.System.Security.Cryptography.OpenSsl (>= 4.3) - framework: >= netstandard13
      System.Collections (>= 4.3) - framework: >= netstandard13
      System.Collections.Concurrent (>= 4.3) - framework: >= netstandard13
      System.Linq (>= 4.3) - framework: >= netstandard13
      System.Resources.ResourceManager (>= 4.3) - framework: >= netstandard13
      System.Runtime (>= 4.3) - framework: >= netstandard13
      System.Runtime.Extensions (>= 4.3) - framework: >= netstandard13
      System.Runtime.Handles (>= 4.3) - framework: >= netstandard13
      System.Runtime.InteropServices (>= 4.3) - framework: >= netstandard13
      System.Security.Cryptography.Primitives (>= 4.3) - framework: >= netstandard13
      System.Text.Encoding (>= 4.3) - framework: >= netstandard13
    System.Security.Cryptography.OpenSsl (4.3) - framework: >= net451, >= netstandard16
      runtime.native.System.Security.Cryptography.OpenSsl (>= 4.3) - framework: >= net463, >= netstandard16, monoandroid, monotouch, xamarinios, xamarinmac
      System.Collections (>= 4.3) - framework: >= netstandard16
      System.IO (>= 4.3) - framework: >= net463, >= netstandard16
      System.Resources.ResourceManager (>= 4.3) - framework: >= netstandard16
      System.Runtime (>= 4.3) - framework: >= net463, >= netstandard16
      System.Runtime.Extensions (>= 4.3) - framework: >= net463, >= netstandard16
      System.Runtime.Handles (>= 4.3) - framework: >= netstandard16
      System.Runtime.InteropServices (>= 4.3) - framework: >= netstandard16
      System.Runtime.Numerics (>= 4.3) - framework: >= netstandard16
      System.Security.Cryptography.Algorithms (>= 4.3) - framework: >= net463, >= netstandard16
      System.Security.Cryptography.Encoding (>= 4.3) - framework: >= net463, >= netstandard16
      System.Security.Cryptography.Primitives (>= 4.3) - framework: >= net463, >= netstandard16
      System.Text.Encoding (>= 4.3) - framework: >= netstandard16
    System.Security.Cryptography.Primitives (4.3) - framework: >= net451, >= netstandard16
      System.Diagnostics.Debug (>= 4.3) - framework: >= netstandard13
      System.Globalization (>= 4.3) - framework: >= netstandard13
      System.IO (>= 4.3) - framework: >= netstandard13
      System.Resources.ResourceManager (>= 4.3) - framework: >= netstandard13
      System.Runtime (>= 4.3) - framework: >= netstandard13
      System.Threading (>= 4.3) - framework: >= netstandard13
      System.Threading.Tasks (>= 4.3) - framework: >= netstandard13
    System.Security.Cryptography.X509Certificates (4.3) - framework: >= net46, >= netstandard16
      Microsoft.NETCore.Platforms (>= 1.1) - framework: dnxcore50, >= netstandard16
      runtime.native.System (>= 4.3) - framework: >= netstandard16
      runtime.native.System.Net.Http (>= 4.3) - framework: >= netstandard16
      runtime.native.System.Security.Cryptography.OpenSsl (>= 4.3) - framework: >= netstandard16
      System.Collections (>= 4.3) - framework: dnxcore50, >= netstandard16
      System.Diagnostics.Debug (>= 4.3) - framework: >= netstandard16
      System.Globalization (>= 4.3) - framework: dnxcore50, >= netstandard16
      System.Globalization.Calendars (>= 4.3) - framework: dnxcore50, >= netstandard16
      System.IO (>= 4.3) - framework: dnxcore50, >= netstandard16
      System.IO.FileSystem (>= 4.3) - framework: dnxcore50, >= netstandard16
      System.IO.FileSystem.Primitives (>= 4.3) - framework: >= netstandard16
      System.Resources.ResourceManager (>= 4.3) - framework: dnxcore50, >= netstandard16
      System.Runtime (>= 4.3) - framework: dnxcore50, netstandard13, netstandard14, >= netstandard16
      System.Runtime.Extensions (>= 4.3) - framework: dnxcore50, >= netstandard16
      System.Runtime.Handles (>= 4.3) - framework: dnxcore50, netstandard13, netstandard14, >= netstandard16
      System.Runtime.InteropServices (>= 4.3) - framework: dnxcore50, >= netstandard16
      System.Runtime.Numerics (>= 4.3) - framework: dnxcore50, >= netstandard16
      System.Security.Cryptography.Algorithms (>= 4.3) - framework: net46, >= net461, dnxcore50, netstandard13, netstandard14, >= netstandard16
      System.Security.Cryptography.Cng (>= 4.3) - framework: dnxcore50, >= netstandard16
      System.Security.Cryptography.Csp (>= 4.3) - framework: >= netstandard16
      System.Security.Cryptography.Encoding (>= 4.3) - framework: net46, >= net461, dnxcore50, netstandard13, netstandard14, >= netstandard16
      System.Security.Cryptography.OpenSsl (>= 4.3) - framework: >= netstandard16
      System.Security.Cryptography.Primitives (>= 4.3) - framework: dnxcore50, >= netstandard16
      System.Text.Encoding (>= 4.3) - framework: dnxcore50, >= netstandard16
      System.Threading (>= 4.3) - framework: dnxcore50, >= netstandard16
    System.Security.Principal (4.3) - framework: >= net451, >= netstandard16
      System.Runtime (>= 4.3) - framework: dnxcore50, >= netstandard10
    System.Text.Encoding (4.3) - framework: >= net451, >= netstandard16
      Microsoft.NETCore.Platforms (>= 1.1) - framework: dnxcore50, netstandard10, >= netstandard13
      Microsoft.NETCore.Targets (>= 1.1) - framework: dnxcore50, netstandard10, >= netstandard13
      System.Runtime (>= 4.3) - framework: dnxcore50, netstandard10, >= netstandard13
    System.Text.Encoding.Extensions (4.3) - framework: >= net451, >= netstandard16
      Microsoft.NETCore.Platforms (>= 1.1) - framework: dnxcore50, netstandard10, >= netstandard13
      Microsoft.NETCore.Targets (>= 1.1) - framework: dnxcore50, netstandard10, >= netstandard13
      System.Runtime (>= 4.3) - framework: dnxcore50, netstandard10, >= netstandard13
      System.Text.Encoding (>= 4.3) - framework: dnxcore50, netstandard10, >= netstandard13
    System.Text.Encodings.Web (4.3) - framework: >= net451, >= netstandard16
      System.Diagnostics.Debug (>= 4.3) - framework: >= netstandard10
      System.IO (>= 4.3) - framework: >= netstandard10
      System.Reflection (>= 4.3) - framework: >= netstandard10
      System.Resources.ResourceManager (>= 4.3) - framework: >= netstandard10
      System.Runtime (>= 4.3) - framework: >= netstandard10
      System.Runtime.Extensions (>= 4.3) - framework: >= netstandard10
      System.Threading (>= 4.3) - framework: >= netstandard10
    System.Text.RegularExpressions (4.3) - framework: >= net451, >= netstandard16
      System.Collections (>= 4.3) - framework: dnxcore50, >= netstandard16
      System.Globalization (>= 4.3) - framework: dnxcore50, >= netstandard16
      System.Resources.ResourceManager (>= 4.3) - framework: dnxcore50, >= netstandard16
      System.Runtime (>= 4.3) - framework: dnxcore50, netstandard10, netstandard13, >= netstandard16
      System.Runtime.Extensions (>= 4.3) - framework: dnxcore50, >= netstandard16
      System.Threading (>= 4.3) - framework: dnxcore50, >= netstandard16
    System.Threading (4.3) - framework: >= net451, >= netstandard16
      System.Runtime (>= 4.3) - framework: dnxcore50, netstandard10, >= netstandard13
      System.Threading.Tasks (>= 4.3) - framework: dnxcore50, netstandard10, >= netstandard13
    System.Threading.Tasks (4.3) - framework: >= net451, >= netstandard16
      Microsoft.NETCore.Platforms (>= 1.1) - framework: dnxcore50, netstandard10, >= netstandard13
      Microsoft.NETCore.Targets (>= 1.1) - framework: dnxcore50, netstandard10, >= netstandard13
      System.Runtime (>= 4.3) - framework: dnxcore50, netstandard10, >= netstandard13
    System.Threading.Tasks.Extensions (4.3) - framework: >= net451, >= netstandard16
      System.Collections (>= 4.3) - framework: >= netstandard10
      System.Runtime (>= 4.3) - framework: >= netstandard10
      System.Threading.Tasks (>= 4.3) - framework: >= netstandard10
    System.Threading.Timer (4.3) - framework: >= net451, >= netstandard16
      Microsoft.NETCore.Platforms (>= 1.1) - framework: dnxcore50, >= netstandard12
      Microsoft.NETCore.Targets (>= 1.1) - framework: dnxcore50, >= netstandard12
      System.Runtime (>= 4.3) - framework: dnxcore50, >= netstandard12
    System.Xml.ReaderWriter (4.3) - framework: >= net451, >= netstandard16
      System.Collections (>= 4.3) - framework: dnxcore50, >= netstandard13
      System.Diagnostics.Debug (>= 4.3) - framework: dnxcore50, >= netstandard13
      System.Globalization (>= 4.3) - framework: dnxcore50, >= netstandard13
      System.IO (>= 4.3) - framework: dnxcore50, netstandard10, >= netstandard13
      System.IO.FileSystem (>= 4.3) - framework: dnxcore50, >= netstandard13
      System.IO.FileSystem.Primitives (>= 4.3) - framework: dnxcore50, >= netstandard13
      System.Resources.ResourceManager (>= 4.3) - framework: dnxcore50, >= netstandard13
      System.Runtime (>= 4.3) - framework: dnxcore50, netstandard10, >= netstandard13
      System.Runtime.Extensions (>= 4.3) - framework: dnxcore50, >= netstandard13
      System.Runtime.InteropServices (>= 4.3) - framework: dnxcore50, >= netstandard13
      System.Text.Encoding (>= 4.3) - framework: dnxcore50, netstandard10, >= netstandard13
      System.Text.Encoding.Extensions (>= 4.3) - framework: dnxcore50, >= netstandard13
      System.Text.RegularExpressions (>= 4.3) - framework: dnxcore50, >= netstandard13
      System.Threading.Tasks (>= 4.3) - framework: dnxcore50, netstandard10, >= netstandard13
      System.Threading.Tasks.Extensions (>= 4.3) - framework: dnxcore50, >= netstandard13
    System.Xml.XDocument (4.3) - framework: >= net451, >= netstandard16
      System.Collections (>= 4.3) - framework: dnxcore50, >= netstandard13
      System.Diagnostics.Debug (>= 4.3) - framework: dnxcore50, >= netstandard13
      System.Diagnostics.Tools (>= 4.3) - framework: dnxcore50, >= netstandard13
      System.Globalization (>= 4.3) - framework: dnxcore50, >= netstandard13
      System.IO (>= 4.3) - framework: dnxcore50, netstandard10, >= netstandard13
      System.Reflection (>= 4.3) - framework: dnxcore50, >= netstandard13
      System.Resources.ResourceManager (>= 4.3) - framework: dnxcore50, >= netstandard13
      System.Runtime (>= 4.3) - framework: dnxcore50, netstandard10, >= netstandard13
      System.Runtime.Extensions (>= 4.3) - framework: dnxcore50, >= netstandard13
      System.Text.Encoding (>= 4.3) - framework: dnxcore50, >= netstandard13
      System.Threading (>= 4.3) - framework: dnxcore50, >= netstandard13
      System.Xml.ReaderWriter (>= 4.3) - framework: dnxcore50, netstandard10, >= netstandard13
    System.Xml.XPath (4.3) - framework: >= net451, >= netstandard16
      System.Collections (>= 4.3) - framework: >= netstandard13
      System.Diagnostics.Debug (>= 4.3) - framework: >= netstandard13
      System.Globalization (>= 4.3) - framework: >= netstandard13
      System.IO (>= 4.3) - framework: >= netstandard13
      System.Resources.ResourceManager (>= 4.3) - framework: >= netstandard13
      System.Runtime (>= 4.3) - framework: >= netstandard13
      System.Runtime.Extensions (>= 4.3) - framework: >= netstandard13
      System.Threading (>= 4.3) - framework: >= netstandard13
      System.Xml.ReaderWriter (>= 4.3) - framework: >= netstandard13
